GEM
  remote: http://rubygems.org/
  specs:
    activesupport (2.3.11)
    addressable (2.2.6)
    ansi (1.4.2)
    dalli (1.1.4)
    faraday (0.7.6)
      addressable (~> 2.2)
      multipart-post (~> 1.1)
      rack (~> 1.1)
    faraday_middleware (0.8.4)
      faraday (>= 0.7.4, < 0.9)
    kgio (2.7.2)
    metaclass (0.0.1)
    mocha (0.10.4)
      metaclass (~> 0.0.1)
    multipart-post (1.1.4)
    pg (0.13.0)
    rack (1.4.1)
    rack-test (0.6.1)
      rack (>= 1.0)
    raindrops (0.8.0)
    sinatra (1.2.6)
      rack (~> 1.1)
      tilt (>= 1.2.2, < 2.0)
    tilt (1.3.2)
    turn (0.8.2)
      ansi (>= 1.2.2)
    unicorn (4.2.0)
      kgio (~> 2.6)
      rack
      raindrops (~> 0.7)
    yajl-ruby (0.7.9)

PLATFORMS
  ruby

DEPENDENCIES
  activesupport (~> 2.3)
  dalli
  faraday
  faraday_middleware
  mocha
  pg
  rack-test
  sinatra (~> 1.0)
  turn (= 0.8.2)
  unicorn
  yajl-ruby (~> 0.7.8)
