GEM
  remote: http://rubygems.org/
  specs:
    activesupport (2.3.11)
    addressable (2.2.6)
    always_verify_ssl_certificates (0.3.0)
    faraday (0.7.0)
      addressable (~> 2.2.4)
      multipart-post (~> 1.1.0)
      rack (>= 1.1.0, < 2)
    memcached (1.3.6)
    multipart-post (1.1.2)
    rack (1.3.0)
    sinatra (1.2.6)
      rack (~> 1.1)
      tilt (>= 1.2.2, < 2.0)
    tilt (1.3.2)
    yajl-ruby (0.7.9)

PLATFORMS
  ruby

DEPENDENCIES
  activesupport (~> 2.3)
  always_verify_ssl_certificates
  faraday
  memcached
  sinatra (~> 1.0)
  yajl-ruby (~> 0.7.8)
