GEM
  remote: http://rubygems.org/
  specs:
    activesupport (2.3.11)
    addressable (2.2.6)
    always_verify_ssl_certificates (0.3.0)
    ansi (1.4.2)
    faraday (0.7.6)
      addressable (~> 2.2)
      multipart-post (~> 1.1)
      rack (~> 1.1)
    faraday_middleware (0.8.4)
      faraday (>= 0.7.4, < 0.9)
    memcached (1.3.6)
    metaclass (0.0.1)
    mocha (0.10.4)
      metaclass (~> 0.0.1)
    multipart-post (1.1.4)
    rack (1.4.1)
    rack-test (0.6.1)
      rack (>= 1.0)
    sinatra (1.2.6)
      rack (~> 1.1)
      tilt (>= 1.2.2, < 2.0)
    tilt (1.3.2)
    turn (0.8.2)
      ansi (>= 1.2.2)
    yajl-ruby (0.7.9)

PLATFORMS
  ruby

DEPENDENCIES
  activesupport (~> 2.3)
  always_verify_ssl_certificates
  faraday
  faraday_middleware
  memcached
  mocha
  rack-test
  sinatra (~> 1.0)
  turn (= 0.8.2)
  yajl-ruby (~> 0.7.8)
